GEM
  remote: https://rubygems.org/
  specs:
    aws-sdk (1.6.9)
      httparty (~> 0.7)
      json (~> 1.4)
      nokogiri (>= 1.4.4)
      uuidtools (~> 2.1)
    bson (1.7.0)
    bson_ext (1.7.0)
      bson (~> 1.7.0)
    coordinates_transformations (0.0.1)
      geokit
      georuby
      geoutm
      json
    geokit (1.6.5)
      multi_json
    georuby (2.0.0)
    geoutm (1.0.1)
    httparty (0.9.0)
      multi_json (~> 1.0)
      multi_xml
    json (1.8.6)
    mini_portile2 (2.5.0)
    multi_json (1.3.6)
    multi_xml (0.5.1)
    mysql2 (0.3.11)
    nokogiri (1.11.1)
      mini_portile2 (~> 2.5.0)
      racc (~> 1.4)
    racc (1.5.2)
    uuidtools (2.1.3)

PLATFORMS
  ruby

DEPENDENCIES
  aws-sdk
  bson
  bson_ext
  coordinates_transformations
  mysql2
