GEM
  remote: https://rubygems.org/
  specs:
    aws-sdk (1.6.9)
      httparty (~> 0.7)
      json (~> 1.4)
      nokogiri (>= 1.4.4)
      uuidtools (~> 2.1)
    bson (1.7.0)
    bson_ext (1.7.0)
      bson (~> 1.7.0)
    coordinates_transformations (0.0.1)
      geokit
      georuby
      geoutm
      json
    geokit (1.6.5)
      multi_json
    georuby (2.0.0)
    geoutm (1.0.1)
    httparty (0.18.1)
      mime-types (~> 3.0)
      multi_xml (>= 0.5.2)
    json (1.8.6)
    mime-types (3.3.1)
      mime-types-data (~> 3.2015)
    mime-types-data (3.2021.0212)
    mini_portile2 (2.6.1)
    multi_json (1.15.0)
    multi_xml (0.6.0)
    mysql2 (0.3.11)
    nokogiri (1.12.5)
      mini_portile2 (~> 2.6.1)
      racc (~> 1.4)
    racc (1.5.2)
    uuidtools (2.1.3)

PLATFORMS
  ruby

DEPENDENCIES
  aws-sdk
  bson
  bson_ext
  coordinates_transformations
  mysql2
